GEM
  remote: http://rubygems.org/
  specs:
    Platform (0.4.0)
    activesupport (3.2.1)
      i18n (~> 0.6)
      multi_json (~> 1.0)
    coderay (1.0.8)
    i18n (0.6.0)
    log4r (1.1.10)
    method_source (0.8.1)
    multi_json (1.1.0)
    net-ssh (2.6.1)
    open4 (1.3.0)
    popen4 (0.1.2)
      Platform (>= 0.4.0)
      open4 (>= 0.4.0)
    pry (0.9.10)
      coderay (~> 1.0.5)
      method_source (~> 0.8)
      slop (~> 3.3.1)
    rainbow (1.1.4)
    rake (0.9.2.2)
    slop (3.3.3)
    trollop (1.16.2)

PLATFORMS
  ruby

DEPENDENCIES
  activesupport (= 3.2.1)
  i18n
  log4r
  net-ssh
  popen4
  pry
  rainbow
  rake
  trollop
